GEM
  remote: https://rubygems.org/
  specs:
    rack (2.0.1)
    rack-app (5.11.1)
      rack

PLATFORMS
  ruby

DEPENDENCIES
  rack-app!

BUNDLED WITH
   1.13.6
